GEM
  remote: https://rubygems.org/
  specs:
    coderay (1.0.9)
    coffee-script (2.2.0)
      coffee-script-source
      execjs
    coffee-script-source (1.6.3)
    execjs (1.4.0)
      multi_json (~> 1.0)
    json (1.8.0)
    kramdown (1.1.0)
    maruku (0.6.1)
      syntax (>= 1.0.0)
    multi_json (1.7.7)
    rack (1.5.2)
    rack-protection (1.5.0)
      rack
    rdiscount (2.1.6)
    redcarpet (2.3.0)
    ritex (1.0.1)
    sinatra (1.4.3)
      rack (~> 1.4)
      rack-protection (~> 1.4)
      tilt (~> 1.3, >= 1.3.4)
    syntax (1.0.0)
    tilt (1.4.1)

PLATFORMS
  ruby

DEPENDENCIES
  coderay
  coffee-script
  json
  kramdown
  maruku
  rdiscount
  redcarpet
  ritex
  sinatra
