GIT
  remote: https://github.com/vmg/redcarpet.git
  revision: 865610db2a00251cf97b6c6a3c8e3f086e82a89c
  specs:
    redcarpet (3.0.0)

GEM
  remote: https://rubygems.org/
  specs:
    coderay (1.0.9)
    json (1.8.3)
    kramdown (1.1.0)
    maruku (0.6.1)
      syntax (>= 1.0.0)
    rack (1.5.2)
    rack-protection (1.5.0)
      rack
    rdiscount (2.1.6)
    ritex (1.0.1)
    sinatra (1.4.3)
      rack (~> 1.4)
      rack-protection (~> 1.4)
      tilt (~> 1.3, >= 1.3.4)
    sinatra-cross_origin (0.3.2)
    syntax (1.0.0)
    tilt (1.4.1)

PLATFORMS
  ruby

DEPENDENCIES
  coderay
  json
  kramdown
  maruku
  rdiscount
  redcarpet!
  ritex
  sinatra
  sinatra-cross_origin
